GEM
  remote: https://rubygems.org/
  specs:
    addressable (2.3.8)
    foreman (0.85.0)
      thor (~> 0.19.1)
    guillotine (1.4.2)
      addressable (~> 2.3.0)
      sinatra (~> 1.4.0)
    pg (1.1.3)
    rack (1.6.11)
    rack-protection (1.5.5)
      rack
    sequel (5.16.0)
    sinatra (1.4.8)
      rack (~> 1.5)
      rack-protection (~> 1.4)
      tilt (>= 1.3, < 3)
    thor (0.19.4)
    tilt (2.0.9)

PLATFORMS
  ruby

DEPENDENCIES
  foreman
  guillotine
  pg
  sequel

RUBY VERSION
   ruby 2.6.0p0

BUNDLED WITH
   1.17.2
